GEM
  remote: https://rubygems.org/
  specs:
    awesome_print (1.7.0)
    diff-lcs (1.3)
    faraday (0.12.1)
      multipart-post (>= 1.2, < 3)
    faraday_middleware (0.10.1)
      faraday (>= 0.7.4, < 1.0)
    find_a_port (1.0.1)
    json (2.3.1)
    multi_json (1.15.0)
    multipart-post (2.0.0)
    mustermann (3.0.0)
      ruby2_keywords (~> 0.0.1)
    pact (1.11.0)
      json (> 1.8.5)
      pact-mock_service (~> 1.2)
      pact-support (~> 0.6)
      rack-test (~> 0.6.2)
      randexp (~> 0.1.7)
      rspec (>= 2.14)
      term-ansicolor (~> 1.0)
      thor
      webrick
    pact-mock_service (1.2.0)
      find_a_port (~> 1.0.1)
      json
      pact-support (~> 0.6)
      rack
      rack-test (~> 0.6.2)
      rspec (>= 2.14)
      term-ansicolor (~> 1.0)
      thor
      webrick
    pact-provider-proxy (2.1.0)
      pact (~> 1.0, >= 1.1.1)
      rack (>= 1.0.0)
      rack-proxy (~> 0.5)
    pact-provider-verifier (0.0.11)
      faraday (~> 0.9, >= 0.9.0)
      faraday_middleware (~> 0.10.0)
      pact (~> 1.9, >= 1.9.1)
      pact-provider-proxy (~> 2.1, >= 2.1.0)
      rake (~> 10.4, >= 10.4.2)
      rspec (~> 2.14)
    pact-support (0.6.1)
      awesome_print (~> 1.1)
      find_a_port (~> 1.0.1)
      json
      rack-test (~> 0.6.2)
      randexp (~> 0.1.7)
      rspec (>= 2.14)
      term-ansicolor (~> 1.0)
      thor
    rack (2.2.4)
    rack-protection (3.0.4)
      rack
    rack-proxy (0.6.1)
      rack
    rack-test (0.6.3)
      rack (>= 1.0)
    rake (10.5.0)
    randexp (0.1.7)
    rspec (2.99.0)
      rspec-core (~> 2.99.0)
      rspec-expectations (~> 2.99.0)
      rspec-mocks (~> 2.99.0)
    rspec-core (2.99.2)
    rspec-expectations (2.99.2)
      diff-lcs (>= 1.1.3, < 2.0)
    rspec-mocks (2.99.4)
    ruby2_keywords (0.0.5)
    sinatra (3.0.4)
      mustermann (~> 3.0)
      rack (~> 2.2, >= 2.2.4)
      rack-protection (= 3.0.4)
      tilt (~> 2.0)
    sinatra-contrib (3.0.4)
      multi_json
      mustermann (~> 3.0)
      rack-protection (= 3.0.4)
      sinatra (= 3.0.4)
      tilt (~> 2.0)
    term-ansicolor (1.6.0)
      tins (~> 1.0)
    thor (0.19.4)
    tilt (2.0.11)
    tins (1.13.2)
    webrick (1.3.1)

PLATFORMS
  ruby

DEPENDENCIES
  pact-provider-verifier
  sinatra
  sinatra-contrib

BUNDLED WITH
   1.14.6
