GEM
  remote: https://rubygems.org/
  specs:
    awesome_print (1.9.2)
    diff-lcs (1.5.0)
    expgen (0.1.1)
      parslet
    faraday (1.10.3)
      faraday-em_http (~> 1.0)
      faraday-em_synchrony (~> 1.0)
      faraday-excon (~> 1.1)
      faraday-httpclient (~> 1.0)
      faraday-multipart (~> 1.0)
      faraday-net_http (~> 1.0)
      faraday-net_http_persistent (~> 1.0)
      faraday-patron (~> 1.0)
      faraday-rack (~> 1.0)
      faraday-retry (~> 1.0)
      ruby2_keywords (>= 0.0.4)
    faraday-em_http (1.0.0)
    faraday-em_synchrony (1.0.0)
    faraday-excon (1.1.0)
    faraday-httpclient (1.0.1)
    faraday-multipart (1.0.4)
      multipart-post (~> 2)
    faraday-net_http (1.0.1)
    faraday-net_http_persistent (1.2.0)
    faraday-patron (1.0.0)
    faraday-rack (1.0.0)
    faraday-retry (1.0.3)
    faraday_middleware (1.2.0)
      faraday (~> 1.0)
    filelock (1.1.1)
    find_a_port (1.0.1)
    json (2.6.3)
    multi_json (1.15.0)
    multipart-post (2.3.0)
    mustermann (3.0.0)
      ruby2_keywords (~> 0.0.1)
    pact (1.63.0)
      pact-mock_service (~> 3.0, >= 3.3.1)
      pact-support (~> 1.16, >= 1.16.9)
      rack-test (>= 0.6.3, < 3.0.0)
      rspec (~> 3.0)
      term-ansicolor (~> 1.0)
      thor (>= 0.20, < 2.0)
      webrick (~> 1.3)
    pact-message (0.11.1)
      pact-mock_service (~> 3.1)
      pact-support (~> 1.8)
      thor (>= 0.20, < 2.0)
    pact-mock_service (3.11.0)
      filelock (~> 1.1)
      find_a_port (~> 1.0.1)
      json
      pact-support (~> 1.16, >= 1.16.4)
      rack (~> 2.0)
      rspec (>= 2.14)
      term-ansicolor (~> 1.0)
      thor (>= 0.19, < 2.0)
      webrick (~> 1.3)
    pact-provider-verifier (1.36.1)
      faraday (>= 0.9.0, <= 2.0)
      faraday_middleware (>= 0.10, <= 2.0)
      json (> 1.8)
      pact (~> 1.59)
      pact-message (~> 0.5)
      rack (~> 2.1)
      rack-reverse-proxy
      rspec (~> 3.5)
      rspec_junit_formatter (~> 0.3)
    pact-support (1.19.0)
      awesome_print (~> 1.9)
      diff-lcs (~> 1.4)
      expgen (~> 0.1)
      rainbow (~> 3.1.1)
    parslet (2.0.0)
    rack (2.2.7)
    rack-protection (3.0.6)
      rack
    rack-proxy (0.7.6)
      rack
    rack-reverse-proxy (0.12.0)
      rack (>= 1.0.0)
      rack-proxy (~> 0.6, >= 0.6.1)
    rack-test (2.1.0)
      rack (>= 1.3)
    rainbow (3.1.1)
    rspec (3.12.0)
      rspec-core (~> 3.12.0)
      rspec-expectations (~> 3.12.0)
      rspec-mocks (~> 3.12.0)
    rspec-core (3.12.2)
      rspec-support (~> 3.12.0)
    rspec-expectations (3.12.3)
      diff-lcs (>= 1.2.0, < 2.0)
      rspec-support (~> 3.12.0)
    rspec-mocks (3.12.5)
      diff-lcs (>= 1.2.0, < 2.0)
      rspec-support (~> 3.12.0)
    rspec-support (3.12.0)
    rspec_junit_formatter (0.6.0)
      rspec-core (>= 2, < 4, != 2.12.0)
    ruby2_keywords (0.0.5)
    sinatra (3.0.6)
      mustermann (~> 3.0)
      rack (~> 2.2, >= 2.2.4)
      rack-protection (= 3.0.6)
      tilt (~> 2.0)
    sinatra-contrib (3.0.6)
      multi_json
      mustermann (~> 3.0)
      rack-protection (= 3.0.6)
      sinatra (= 3.0.6)
      tilt (~> 2.0)
    sync (0.5.0)
    term-ansicolor (1.7.1)
      tins (~> 1.0)
    thor (1.2.1)
    tilt (2.1.0)
    tins (1.32.1)
      sync
    webrick (1.8.1)

PLATFORMS
  ruby

DEPENDENCIES
  pact-provider-verifier
  sinatra
  sinatra-contrib

BUNDLED WITH
   2.4.10
